PATH
  remote: .
  specs:
    comma (3.0.2)

GEM
  remote: http://rubygems.org/
  specs:
    appraisal (0.4.1)
      bundler
      rake
    diff-lcs (1.1.3)
    multi_json (1.0.4)
    rake (0.9.2.2)
    rspec (2.8.0)
      rspec-core (~> 2.8.0)
      rspec-expectations (~> 2.8.0)
      rspec-mocks (~> 2.8.0)
    rspec-core (2.8.0)
    rspec-expectations (2.8.0)
      diff-lcs (~> 1.1.2)
    rspec-mocks (2.8.0)
    simplecov (0.5.4)
      multi_json (~> 1.0.3)
      simplecov-html (~> 0.5.3)
    simplecov-html (0.5.3)
    sqlite3 (1.3.5)

PLATFORMS
  ruby

DEPENDENCIES
  appraisal (~> 0.4.1)
  comma!
  rake (~> 0.9.2)
  rspec (~> 2.8.0)
  simplecov
  sqlite3 (~> 1.3.4)
